PATH
  remote: .
  specs:
    homedir (3.0.alpha1)

GEM
  remote: http://rubygems.org/
  specs:
    activesupport (3.2.1)
      i18n (~> 0.6)
      multi_json (~> 1.0)
    diff-lcs (1.1.3)
    factory_girl (2.5.2)
      activesupport (>= 2.3.9)
    fakefs (0.4.0)
    ffi (1.0.11)
    ffi (1.0.11-java)
    growl (1.0.3)
    guard (1.0.0)
      ffi (>= 0.5.0)
      thor (~> 0.14.6)
    guard-bundler (0.1.3)
      bundler (>= 1.0.0)
      guard (>= 0.2.2)
    guard-rspec (0.6.0)
      guard (>= 0.10.0)
    i18n (0.6.0)
    multi_json (1.0.4)
    rake (0.9.2.2)
    rb-fsevent (0.9.0)
    rspec (2.8.0)
      rspec-core (~> 2.8.0)
      rspec-expectations (~> 2.8.0)
      rspec-mocks (~> 2.8.0)
    rspec-core (2.8.0)
    rspec-expectations (2.8.0)
      diff-lcs (~> 1.1.2)
    rspec-mocks (2.8.0)
    thor (0.14.6)

PLATFORMS
  java
  ruby

DEPENDENCIES
  factory_girl (~> 2.5.2)
  fakefs (~> 0.4.0)
  growl
  guard
  guard-bundler
  guard-rspec
  homedir!
  rake
  rb-fsevent
  rspec (~> 2.8)
